GEM
  remote: https://rubygems.org/
  specs:
    args_parser (0.2.0)
    httparty (0.13.0)
      json (~> 1.8)
      multi_xml (>= 0.5.2)
    json (1.8.1)
    multi_xml (0.5.5)
    simple-rss (1.3.1)

PLATFORMS
  ruby

DEPENDENCIES
  args_parser
  httparty
  simple-rss
