GEM
  remote: https://rubygems.org/
  specs:
    args_parser (0.1.4)
    simple-rss (1.2.3)

PLATFORMS
  ruby

DEPENDENCIES
  args_parser
  simple-rss
